PATH
  remote: .
  specs:
    bolt11 (0.4.0)
      bech32 (~> 1.4)
      bigdecimal (~> 3.0)
      bitcoinrb (~> 1.4.0)

GEM
  remote: https://rubygems.org/
  specs:
    ast (2.4.2)
    base32 (0.3.4)
    bech32 (1.4.2)
      thor (>= 1.1.0)
    bigdecimal (3.1.6)
    bip-schnorr (0.7.0)
      ecdsa_ext (~> 0.5.0)
    bitcoinrb (1.4.0)
      base32 (>= 0.3.4)
      bech32 (>= 1.3.0)
      bip-schnorr (>= 0.5.0)
      daemon-spawn
      ecdsa_ext (~> 0.5.0)
      eventmachine
      eventmachine_httpserver
      ffi
      iniparse
      json_pure (>= 2.3.1)
      leb128 (~> 1.0.0)
      murmurhash3 (~> 0.1.7)
      siphash
      thor
    daemon-spawn (0.4.2)
    diff-lcs (1.5.1)
    ecdsa (1.2.0)
    ecdsa_ext (0.5.1)
      ecdsa (~> 1.2.0)
    eventmachine (1.2.7)
    eventmachine_httpserver (0.2.1)
    ffi (1.16.3)
    iniparse (1.5.0)
    json (2.7.1)
    json_pure (2.7.1)
    language_server-protocol (3.17.0.3)
    leb128 (1.0.0)
    murmurhash3 (0.1.7)
    parallel (1.24.0)
    parser (3.3.0.5)
      ast (~> 2.4.1)
      racc
    racc (1.7.3)
    rainbow (3.1.1)
    rake (13.1.0)
    regexp_parser (2.9.0)
    rexml (3.3.3)
      strscan
    rspec (3.13.0)
      rspec-core (~> 3.13.0)
      rspec-expectations (~> 3.13.0)
      rspec-mocks (~> 3.13.0)
    rspec-core (3.13.0)
      rspec-support (~> 3.13.0)
    rspec-expectations (3.13.0)
      diff-lcs (>= 1.2.0, < 2.0)
      rspec-support (~> 3.13.0)
    rspec-mocks (3.13.0)
      diff-lcs (>= 1.2.0, < 2.0)
      rspec-support (~> 3.13.0)
    rspec-support (3.13.0)
    rubocop (1.61.0)
      json (~> 2.3)
      language_server-protocol (>= 3.17.0)
      parallel (~> 1.10)
      parser (>= 3.3.0.2)
      rainbow (>= 2.2.2, < 4.0)
      regexp_parser (>= 1.8, < 3.0)
      rexml (>= 3.2.5, < 4.0)
      rubocop-ast (>= 1.30.0, < 2.0)
      ruby-progressbar (~> 1.7)
      unicode-display_width (>= 2.4.0, < 3.0)
    rubocop-ast (1.31.1)
      parser (>= 3.3.0.4)
    rubocop-capybara (2.20.0)
      rubocop (~> 1.41)
    rubocop-factory_bot (2.25.1)
      rubocop (~> 1.41)
    rubocop-rspec (2.27.0)
      rubocop (~> 1.40)
      rubocop-capybara (~> 2.17)
      rubocop-factory_bot (~> 2.22)
    ruby-progressbar (1.13.0)
    siphash (0.0.1)
    strscan (3.1.0)
    thor (1.3.0)
    unicode-display_width (2.5.0)

PLATFORMS
  ruby

DEPENDENCIES
  bolt11!
  bundler (~> 2.5)
  rake (~> 13.1)
  rspec (~> 3.0)
  rubocop (~> 1.61)
  rubocop-rspec (~> 2.27)

BUNDLED WITH
   2.5.6
